GIT
  remote: git://github.com/tumblr/tumblr_client.git
  revision: 84df2af30f598726f97947617d15a73fe750f99f
  specs:
    tumblr_client (0.8.5)
      faraday (~> 0.9.0)
      faraday_middleware (~> 0.9.0)
      json
      mime-types
      oauth
      simple_oauth

GEM
  remote: https://rubygems.org/
  specs:
    curses (1.0.1)
    faraday (0.9.1)
      multipart-post (>= 1.2, < 3)
    faraday_middleware (0.9.1)
      faraday (>= 0.7.4, < 0.10)
    ffi (1.9.3)
    ffi-locale (1.0.1)
      ffi (>= 1.0.9)
    ffi-ncurses (0.4.0)
      ffi (>= 1.0.9)
      ffi-locale (>= 1.0.0)
    json (1.8.3)
    mime-types (2.6.1)
    multipart-post (2.0.0)
    oauth (0.4.7)
    rbcurse-core (0.0.14)
      ffi-ncurses (>= 0.4.0)
    simple_oauth (0.3.1)

PLATFORMS
  ruby

DEPENDENCIES
  curses
  oauth
  rbcurse-core
  tumblr_client!

BUNDLED WITH
   1.10.4
